GEM
  remote: https://rubygems.org/
  specs:
    artifactory (2.5.0)
    ffi (1.9.14)
    ffi-win32-extensions (1.0.3)
      ffi
    kitchen-nodes (0.7.0)
      net-ping
      test-kitchen (~> 1.4)
      win32-security
    kitchen-vagrant (0.20.0)
      test-kitchen (~> 1.4)
    mixlib-install (1.2.1)
      artifactory
      mixlib-shellout
      mixlib-versioning
    mixlib-shellout (2.2.7)
    mixlib-versioning (1.1.0)
    net-ping (2.0.1)
    net-scp (1.2.1)
      net-ssh (>= 2.6.5)
    net-ssh (3.2.0)
    net-ssh-gateway (1.2.0)
      net-ssh (>= 2.6.5)
    safe_yaml (1.0.4)
    test-kitchen (1.13.0)
      mixlib-install (~> 1.2)
      mixlib-shellout (>= 1.2, < 3.0)
      net-scp (~> 1.1)
      net-ssh (>= 2.9, < 4.0)
      net-ssh-gateway (~> 1.2.0)
      safe_yaml (~> 1.0)
      thor (~> 0.18)
    thor (0.19.1)
    win32-security (0.5.0)
      ffi
      ffi-win32-extensions

PLATFORMS
  ruby

DEPENDENCIES
  kitchen-nodes
  kitchen-vagrant
  test-kitchen

BUNDLED WITH
   1.12.5
